PATH
  remote: .
  specs:
    validates_lengths_from_database (0.2.0)
      activerecord (>= 2.3.2)

GEM
  remote: http://rubygems.org/
  specs:
    activemodel (3.2.3)
      activesupport (= 3.2.3)
      builder (~> 3.0.0)
    activerecord (3.2.3)
      activemodel (= 3.2.3)
      activesupport (= 3.2.3)
      arel (~> 3.0.2)
      tzinfo (~> 0.3.29)
    activesupport (3.2.3)
      i18n (~> 0.6)
      multi_json (~> 1.0)
    appraisal (1.0.2)
      bundler
      rake
      thor (>= 0.14.0)
    arel (3.0.2)
    builder (3.0.0)
    diff-lcs (1.1.2)
    i18n (0.6.0)
    json (1.6.6)
    multi_json (1.2.0)
    pg (0.17.1)
    rake (0.9.2.2)
    rdoc (3.12)
      json (~> 1.4)
    rspec (2.5.0)
      rspec-core (~> 2.5.0)
      rspec-expectations (~> 2.5.0)
      rspec-mocks (~> 2.5.0)
    rspec-core (2.5.1)
    rspec-expectations (2.5.0)
      diff-lcs (~> 1.1.2)
    rspec-mocks (2.5.0)
    sqlite3 (1.3.5)
    thor (0.19.1)
    tzinfo (0.3.32)

PLATFORMS
  ruby

DEPENDENCIES
  appraisal (~> 1.0.2)
  i18n
  pg (~> 0.17.1)
  rake
  rdoc (~> 3.12)
  rspec (~> 2.0)
  sqlite3 (~> 1.3.4)
  validates_lengths_from_database!
